GEM
  remote: https://rubygems.org/
  specs:
    gosu (0.15.2)
    gosu_enhanced (0.3.5)
      gosu (~> 0.10)

PLATFORMS
  ruby

DEPENDENCIES
  gosu (~> 0.15.2)
  gosu_enhanced (~> 0.3.5)

BUNDLED WITH
   2.1.4
